GEM
  remote: https://rubygems.org/
  specs:
    kramdown (2.3.1)
      rexml
    rexml (3.2.5)
    ruby-progressbar (1.11.0)

PLATFORMS
  ruby

DEPENDENCIES
  kramdown (~> 2.3, >= 2.3.1)
  ruby-progressbar (~> 1.11)

BUNDLED WITH
   1.17.2
